PATH
  remote: .
  specs:
    sundial (1.0.0)
      activesupport
      geokit

GEM
  remote: http://rubygems.org/
  specs:
    activesupport (3.2.3)
      i18n (~> 0.6)
      multi_json (~> 1.0)
    geokit (1.6.5)
      multi_json
    i18n (0.6.0)
    multi_json (1.3.4)

PLATFORMS
  ruby

DEPENDENCIES
  sundial!
